GEM
  remote: https://rubygems.org/
  specs:
    thor (1.3.1)

PLATFORMS
  x86_64-linux

DEPENDENCIES
  thor

BUNDLED WITH
   2.4.10
